PATH
  remote: .
  specs:
    parity_scale_codec.rb (0.1.0)
      substrate_common.rb (~> 0.1.1)

GEM
  remote: https://rubygems.org/
  specs:
    base58 (0.2.3)
    blake2b (0.10.0)
    coderay (1.1.2)
    diff-lcs (1.3)
    method_source (0.9.2)
    pry (0.12.2)
      coderay (~> 1.1.0)
      method_source (~> 0.9.0)
    rake (13.0.1)
    rspec (3.9.0)
      rspec-core (~> 3.9.0)
      rspec-expectations (~> 3.9.0)
      rspec-mocks (~> 3.9.0)
    rspec-core (3.9.0)
      rspec-support (~> 3.9.0)
    rspec-expectations (3.9.0)
      diff-lcs (>= 1.2.0, < 2.0)
      rspec-support (~> 3.9.0)
    rspec-mocks (3.9.0)
      diff-lcs (>= 1.2.0, < 2.0)
      rspec-support (~> 3.9.0)
    rspec-support (3.9.0)
    substrate_common.rb (0.1.1)
      base58
      blake2b
      xxhash
    xxhash (0.4.0)

PLATFORMS
  ruby

DEPENDENCIES
  bundler (~> 1.17)
  parity_scale_codec.rb!
  pry
  rake (~> 13.0)
  rspec (~> 3.2)

BUNDLED WITH
   1.17.3
